PATH
  remote: .
  specs:
    gerricator (0.1.0)

GEM
  remote: https://rubygems.org/
  specs:
    activemodel (4.1.9)
      activesupport (= 4.1.9)
      builder (~> 3.1)
    activerecord (4.1.9)
      activemodel (= 4.1.9)
      activesupport (= 4.1.9)
      arel (~> 5.0.0)
    activesupport (4.1.9)
      i18n (~> 0.6, >= 0.6.9)
      json (~> 1.7, >= 1.7.7)
      minitest (~> 5.1)
      thread_safe (~> 0.1)
      tzinfo (~> 1.1)
    arel (5.0.1.20140414130214)
    builder (3.2.2)
    httpi (2.3.0)
      rack
    i18n (0.7.0)
    json (1.8.2)
    minitest (5.5.1)
    rack (1.6.0)
    sqlite3 (1.3.10)
    thor (0.19.1)
    thread_safe (0.3.4)
    tzinfo (1.2.2)
      thread_safe (~> 0.1)

PLATFORMS
  ruby

DEPENDENCIES
  activerecord (~> 4.1.0)
  gerricator!
  httpi (>= 2.2.5)
  sqlite3 (~> 1.3.10)
  thor (>= 0.19.1)
